GEM
  remote: https://rubygems.org/
  specs:
    sequel (4.16.0)
    unidecode (1.0.0)

PLATFORMS
  ruby

DEPENDENCIES
  sequel
  unidecode
